GEM
  remote: https://rubygems.org/
  specs:
    amatch (0.4.0)
      mize
      tins (~> 1.0)
    ast (2.4.2)
    colorize (0.8.1)
    date (3.2.2)
    diff-lcs (1.5.0)
    json (2.6.1)
    mize (0.4.0)
      protocol (~> 2.0)
    parallel (1.22.1)
    parser (3.1.2.0)
      ast (~> 2.4.1)
    pdf-core (0.9.0)
    prawn (2.4.0)
      pdf-core (~> 0.9.0)
      ttfunk (~> 1.7)
    protocol (2.0.0)
      ruby_parser (~> 3.0)
    rainbow (3.1.1)
    regexp_parser (2.3.0)
    rexml (3.2.5)
    rspec (3.11.0)
      rspec-core (~> 3.11.0)
      rspec-expectations (~> 3.11.0)
      rspec-mocks (~> 3.11.0)
    rspec-core (3.11.0)
      rspec-support (~> 3.11.0)
    rspec-expectations (3.11.0)
      diff-lcs (>= 1.2.0, < 2.0)
      rspec-support (~> 3.11.0)
    rspec-mocks (3.11.1)
      diff-lcs (>= 1.2.0, < 2.0)
      rspec-support (~> 3.11.0)
    rspec-support (3.11.0)
    rubocop (1.27.0)
      parallel (~> 1.10)
      parser (>= 3.1.0.0)
      rainbow (>= 2.2.2, < 4.0)
      regexp_parser (>= 1.8, < 3.0)
      rexml
      rubocop-ast (>= 1.16.0, < 2.0)
      ruby-progressbar (~> 1.7)
      unicode-display_width (>= 1.4.0, < 3.0)
    rubocop-ast (1.17.0)
      parser (>= 3.1.1.0)
    ruby-progressbar (1.11.0)
    ruby_parser (3.19.1)
      sexp_processor (~> 4.16)
    sexp_processor (4.16.1)
    sync (0.5.0)
    tins (1.31.0)
      sync
    ttfunk (1.7.0)
    unicode-display_width (2.1.0)

PLATFORMS
  x86_64-darwin-20

DEPENDENCIES
  amatch (~> 0.4.0)
  colorize (~> 0.8.1)
  date (~> 3.2)
  json (~> 2.6)
  prawn (~> 2.4)
  rspec (~> 3.11)
  rubocop (~> 1.27)

BUNDLED WITH
   2.3.7
